GEM
  remote: http://rubygems.org/
  specs:
    chunky_png (1.2.5)
    compass (0.11.7)
      chunky_png (~> 1.2)
      fssm (>= 0.2.7)
      sass (~> 3.1)
    fssm (0.2.8.1)
    git-scribe (0.1.1)
      liquid
      nokogiri
    liquid (2.3.0)
    nokogiri (1.5.0)
    rake (0.9.2.2)
    sass (3.1.15)

PLATFORMS
  ruby

DEPENDENCIES
  compass
  git-scribe
  rake
